GIT
  remote: git://github.com/invoca/ruby_dig.git
  revision: 19fa8c1d2cc7706d015a3004f028169a2ff83391
  specs:
    ruby_dig (0.0.3)

GIT
  remote: git://github.com/sishen/omniauth-bitbucket.git
  revision: bda8447b0ea32bcde4002046b3efffeda03d50f0
  specs:
    omniauth-bitbucket (0.0.2)
      multi_json (~> 1.7)
      omniauth (~> 1.1)
      omniauth-oauth2 (>= 1.1.1, < 2.0)

GIT
  remote: git://github.com/usetint/ruby-git-annex.git
  revision: 5ba6a52fac1e2e8fe0a417af3d210ec443deb1ac
  specs:
    git-annex (0.0.1)
      git

GIT
  remote: git://github.com/usetint/ruby-git.git
  revision: 8e05fa68d95a693c1008d95ae85fb589e5426322
  specs:
    git (1.3.0)

GEM
  remote: https://rubygems.org/
  specs:
    activesupport (4.2.7)
      i18n (~> 0.7)
      json (~> 1.7, >= 1.7.7)
      minitest (~> 5.1)
      thread_safe (~> 0.3, >= 0.3.4)
      tzinfo (~> 1.1)
    addressable (2.4.0)
    awesome_print (1.6.1)
    backports (3.6.8)
    byebug (9.0.5)
    codeclimate-test-reporter (0.6.0)
      simplecov (>= 0.7.1, < 1.0.0)
    coderay (1.1.1)
    coffee-script (2.4.1)
      coffee-script-source
      execjs
    coffee-script-source (1.10.0)
    concurrent-ruby (1.0.2)
    descendants_tracker (0.0.4)
      thread_safe (~> 0.3, >= 0.3.1)
    docile (1.1.5)
    dotenv (2.1.1)
    execjs (2.7.0)
    faraday (0.9.2)
      multipart-post (>= 1.2, < 3)
    github_api (0.14.5)
      addressable (~> 2.4.0)
      descendants_tracker (~> 0.0.4)
      faraday (~> 0.8, < 0.10)
      hashie (>= 3.4)
      oauth2 (~> 1.0)
    gitlab (3.7.0)
      httparty (~> 0.13.0)
      terminal-table
    hashie (3.4.4)
    httparty (0.13.7)
      json (~> 1.8)
      multi_xml (>= 0.5.2)
    i18n (0.7.0)
    json (1.8.3)
    jwt (1.5.4)
    method_source (0.8.2)
    microformats2 (2.0.2)
      activesupport
      json
      nokogiri
    mini_portile2 (2.1.0)
    minitest (5.9.0)
    multi_json (1.12.1)
    multi_xml (0.5.5)
    multipart-post (2.0.0)
    nokogiri (1.6.8)
      mini_portile2 (~> 2.1.0)
      pkg-config (~> 1.1.7)
    oauth2 (1.2.0)
      faraday (>= 0.8, < 0.10)
      jwt (~> 1.0)
      multi_json (~> 1.3)
      multi_xml (~> 0.5)
      rack (>= 1.2, < 3)
    omniauth (1.3.1)
      hashie (>= 1.2, < 4)
      rack (>= 1.0, < 3)
    omniauth-github (1.1.2)
      omniauth (~> 1.0)
      omniauth-oauth2 (~> 1.1)
    omniauth-gitlab (1.0.2)
      omniauth (~> 1.0)
      omniauth-oauth2 (~> 1.0)
    omniauth-indieauth (0.1.3)
      faraday (~> 0.9.0)
      microformats2 (>= 2.0.1)
      omniauth (~> 1.0)
    omniauth-oauth2 (1.3.1)
      oauth2 (~> 1.0)
      omniauth (~> 1.2)
    pg (0.18.4)
    pkg-config (1.1.7)
    pry (0.10.3)
      coderay (~> 1.1.0)
      method_source (~> 0.8.1)
      slop (~> 3.4)
    pry-byebug (3.4.0)
      byebug (~> 9.0)
      pry (~> 0.10)
    pundit (1.1.0)
      activesupport (>= 3.0.0)
    rack (1.6.4)
    rack-protection (1.5.3)
      rack
    rack-test (0.6.3)
      rack (>= 1.0)
    rake (11.2.2)
    ruby-filemagic (0.7.1)
    sass (3.4.22)
    scss_lint (0.50.2)
      rake (>= 0.9, < 12)
      sass (~> 3.4.20)
    sentry-raven (2.0.2)
      faraday (>= 0.7.6, < 0.10.x)
    sequel (4.36.0)
    simplecov (0.12.0)
      docile (~> 1.1.0)
      json (>= 1.8, < 3)
      simplecov-html (~> 0.10.0)
    simplecov-html (0.10.0)
    sinatra (1.4.7)
      rack (~> 1.5)
      rack-protection (~> 1.4)
      tilt (>= 1.3, < 3)
    sinatra-contrib (1.4.7)
      backports (>= 2.0)
      multi_json
      rack-protection
      rack-test
      sinatra (~> 1.4.0)
      tilt (>= 1.3, < 3)
    sinatra-pundit (0.1.0)
      pundit (~> 1.0)
      sinatra (~> 1.0)
    skim (0.10.0)
      coffee-script
      coffee-script-source (>= 1.2.0)
      slim (>= 3.0)
      sprockets (>= 2, < 4)
    slim (3.0.7)
      temple (~> 0.7.6)
      tilt (>= 1.3.3, < 2.1)
    slop (3.6.0)
    slugify (1.0.7)
    sprockets (3.6.3)
      concurrent-ruby (~> 1.0)
      rack (> 1, < 3)
    sqlite3 (1.3.11)
    temple (0.7.7)
    terminal-table (1.6.0)
    thread_safe (0.3.5)
    tilt (1.4.0)
    tzinfo (1.2.2)
      thread_safe (~> 0.1)

PLATFORMS
  ruby

DEPENDENCIES
  activesupport (< 5.0.0)
  awesome_print
  codeclimate-test-reporter
  dotenv
  git!
  git-annex!
  github_api
  gitlab
  httparty
  omniauth
  omniauth-bitbucket!
  omniauth-github
  omniauth-gitlab
  omniauth-indieauth
  omniauth-oauth2 (~> 1.3.1)
  pg
  pry
  pry-byebug
  rake
  ruby-filemagic
  ruby_dig!
  sass
  scss_lint
  sentry-raven
  sequel
  sinatra
  sinatra-contrib
  sinatra-pundit
  skim
  slim
  slugify
  sprockets
  sqlite3
  tilt (= 1.4)
